GEM
  remote: https://rubygems.org/
  specs:
    byebug (9.0.5)
    coderay (1.1.1)
    concurrent-ruby (1.0.2)
    httpclient (2.7.1)
    method_source (0.8.2)
    mustermann (1.0.2)
    pry (0.10.4)
      coderay (~> 1.1.0)
      method_source (~> 0.8.1)
      slop (~> 3.4)
    pry-byebug (3.4.0)
      byebug (~> 9.0)
      pry (~> 0.10)
    rack (2.0.4)
    rack-protection (2.0.1)
      rack
    sinatra (2.0.1)
      mustermann (~> 1.0)
      rack (~> 2.0)
      rack-protection (= 2.0.1)
      tilt (~> 2.0)
    slop (3.6.0)
    sucker_punch (2.0.2)
      concurrent-ruby (~> 1.0.0)
    tilt (2.0.8)

PLATFORMS
  ruby

DEPENDENCIES
  httpclient
  pry-byebug
  sinatra
  sucker_punch

BUNDLED WITH
   1.12.5
